GEM
  remote: https://rubygems.org/
  specs:
    activesupport (6.0.4.7)
      concurrent-ruby (~> 1.0, >= 1.0.2)
      i18n (>= 0.7, < 2)
      minitest (~> 5.1)
      tzinfo (~> 1.1)
      zeitwerk (~> 2.2, >= 2.2.2)
    concurrent-ruby (1.1.10)
    faraday (0.17.5)
      multipart-post (>= 1.2, < 3)
    faraday_middleware (0.10.1)
      faraday (>= 0.7.4, < 1.0)
    i18n (1.10.0)
      concurrent-ruby (~> 1.0)
    json (2.6.1)
    manageiq-api-client (0.3.5)
      activesupport (>= 5.0, < 6.1)
      faraday (~> 0.9)
      faraday_middleware (~> 0.10.0)
      json (~> 2.3)
      more_core_extensions
      query_relation
    minitest (5.15.0)
    more_core_extensions (4.4.0)
      activesupport
      sync
    multipart-post (2.1.1)
    query_relation (0.1.1)
      activesupport
      more_core_extensions
    sync (0.5.0)
    thread_safe (0.3.6)
    tzinfo (1.2.9)
      thread_safe (~> 0.1)
    zeitwerk (2.5.4)

PLATFORMS
  x86_64-linux

DEPENDENCIES
  manageiq-api-client

BUNDLED WITH
   2.2.3
